GIT
  remote: git://github.com/platanus/togglv8.git
  revision: 52de021e9a34d6a0d1b276b69472fe4eaf982e0f
  branch: worldsmithroy-reports
  specs:
    togglv8 (1.1.0)
      faraday
      logger
      oj

GEM
  remote: https://rubygems.org/
  specs:
    activesupport (4.2.5.2)
      i18n (~> 0.7)
      json (~> 1.7, >= 1.7.7)
      minitest (~> 5.1)
      thread_safe (~> 0.3, >= 0.3.4)
      tzinfo (~> 1.1)
    awesome_print (1.6.1)
    byebug (8.2.2)
    chronic_duration (0.10.6)
      numerizer (~> 0.1.1)
    coderay (1.1.1)
    diff-lcs (1.2.5)
    dotenv (2.1.0)
    faraday (0.9.2)
      multipart-post (>= 1.2, < 3)
    faraday_middleware (0.9.2)
      faraday (>= 0.7.4, < 0.10)
    gli (2.13.4)
    hashie (3.4.3)
    i18n (0.7.0)
    json (1.8.3)
    logger (1.2.8)
    method_source (0.8.2)
    minitest (5.8.4)
    multipart-post (2.0.0)
    numerizer (0.1.1)
    oj (2.14.6)
    pry (0.10.3)
      coderay (~> 1.1.0)
      method_source (~> 0.8.1)
      slop (~> 3.4)
    pry-byebug (3.3.0)
      byebug (~> 8.0)
      pry (~> 0.10)
    rspec (3.4.0)
      rspec-core (~> 3.4.0)
      rspec-expectations (~> 3.4.0)
      rspec-mocks (~> 3.4.0)
    rspec-core (3.4.3)
      rspec-support (~> 3.4.0)
    rspec-expectations (3.4.0)
      diff-lcs (>= 1.2.0, < 2.0)
      rspec-support (~> 3.4.0)
    rspec-mocks (3.4.1)
      diff-lcs (>= 1.2.0, < 2.0)
      rspec-support (~> 3.4.0)
    rspec-support (3.4.1)
    slack-ruby-client (0.7.0)
      activesupport
      faraday
      faraday_middleware
      gli
      hashie
      json
      websocket-driver
    slop (3.6.0)
    thread_safe (0.3.5)
    tzinfo (1.2.2)
      thread_safe (~> 0.1)
    websocket-driver (0.6.3)
      websocket-extensions (>= 0.1.0)
    websocket-extensions (0.1.2)

PLATFORMS
  ruby

DEPENDENCIES
  activesupport
  awesome_print
  chronic_duration
  dotenv
  pry-byebug
  rspec
  slack-ruby-client
  togglv8!

BUNDLED WITH
   1.11.2
